PATH
  remote: .
  specs:
    denormalize_mm (0.4.1)
      mongo_mapper (>= 0.15.0)

GEM
  remote: https://rubygems.org/
  specs:
    activemodel (6.0.6.1)
      activesupport (= 6.0.6.1)
    activemodel-serializers-xml (1.0.2)
      activemodel (> 5.x)
      activesupport (> 5.x)
      builder (~> 3.1)
    activesupport (6.0.6.1)
      concurrent-ruby (~> 1.0, >= 1.0.2)
      i18n (>= 0.7, < 2)
      minitest (~> 5.1)
      tzinfo (~> 1.1)
      zeitwerk (~> 2.2, >= 2.2.2)
    bson (4.15.0)
    bson_ext (1.5.1)
    builder (3.2.4)
    byebug (11.1.3)
    concurrent-ruby (1.2.0)
    diff-lcs (1.4.4)
    i18n (1.12.0)
      concurrent-ruby (~> 1.0)
    minitest (5.17.0)
    mongo (2.18.2)
      bson (>= 4.14.1, < 5.0.0)
    mongo_mapper (0.15.6)
      activemodel (>= 5.0)
      activemodel-serializers-xml (~> 1.0)
      activesupport (>= 5.0)
      mongo (~> 2.0)
      plucky (~> 0.8.0)
      rexml
    plucky (0.8.0)
      mongo (~> 2.0)
    rexml (3.2.5)
    rspec (3.9.0)
      rspec-core (~> 3.9.0)
      rspec-expectations (~> 3.9.0)
      rspec-mocks (~> 3.9.0)
    rspec-core (3.9.2)
      rspec-support (~> 3.9.3)
    rspec-expectations (3.9.2)
      diff-lcs (>= 1.2.0, < 2.0)
      rspec-support (~> 3.9.0)
    rspec-mocks (3.9.1)
      diff-lcs (>= 1.2.0, < 2.0)
      rspec-support (~> 3.9.0)
    rspec-support (3.9.3)
    thread_safe (0.3.6)
    tzinfo (1.2.7)
      thread_safe (~> 0.1)
    zeitwerk (2.6.6)

PLATFORMS
  ruby

DEPENDENCIES
  activesupport
  bson_ext
  byebug
  denormalize_mm!
  rspec
  tzinfo

BUNDLED WITH
   2.1.4
